GEM
  remote: https://rubygems.org/
  specs:
    config-reader (0.1.0)
    ruby2d (0.9.4)

PLATFORMS
  ruby

DEPENDENCIES
  config-reader
  ruby2d

BUNDLED WITH
   2.1.4
